GEM
  remote: https://rubygems.org/
  specs:
    daemon_controller (1.1.8)
    passenger (4.0.37)
      daemon_controller (>= 1.1.0)
      rack
      rake (>= 0.8.1)
    rack (1.5.2)
    rack-protection (1.5.2)
      rack
    rack-rewrite (1.5.0)
    rake (10.1.1)
    vienna (0.4.0)
      rack (~> 1.5)

PLATFORMS
  ruby

DEPENDENCIES
  passenger
  rack-protection
  rack-rewrite
  vienna
