GEM
  remote: https://rubygems.org/
  specs:
    passenger (6.0.0)
      rack
      rake (>= 0.8.1)
    rack (2.0.6)
    rack-protection (2.0.5)
      rack
    rack-rewrite (1.5.1)
    rake (12.3.2)
    vienna (0.4.2)
      rack (~> 2.0)

PLATFORMS
  ruby

DEPENDENCIES
  passenger
  rack-protection
  rack-rewrite
  vienna

BUNDLED WITH
   1.17.3
