GEM
  remote: https://rubygems.org/
  specs:
    passenger (6.0.10)
      rack
      rake (>= 0.8.1)
    rack (1.6.13)
    rack-protection (2.1.0)
      rack
    rack-rewrite (1.5.1)
    rake (13.0.6)
    vienna (0.4.1)
      rack (~> 1.5)

PLATFORMS
  x86_64-darwin-18
  x86_64-linux

DEPENDENCIES
  passenger
  rack-protection
  rack-rewrite
  vienna (= 0.4.1)

RUBY VERSION
   ruby 2.4.10p364

BUNDLED WITH
   2.2.27
