GEM
  remote: https://rubygems.org/
  specs:
    passenger (6.0.8)
      rack
      rake (>= 0.8.1)
    rack (2.2.3)
    rack-protection (2.1.0)
      rack
    rack-rewrite (1.5.1)
    rake (13.0.3)
    vienna (0.4.2)
      rack (~> 2.0)

PLATFORMS
  x86_64-darwin-18

DEPENDENCIES
  passenger
  rack-protection
  rack-rewrite
  vienna

BUNDLED WITH
   2.2.15
