GEM
  remote: https://rubygems.org/
  specs:
    passenger (5.2.0)
      rack
      rake (>= 0.8.1)
    rack (1.6.8)
    rack-protection (2.0.0)
      rack
    rack-rewrite (1.5.1)
    rake (12.3.0)
    vienna (0.4.1)
      rack (~> 1.5)

PLATFORMS
  ruby

DEPENDENCIES
  passenger
  rack-protection
  rack-rewrite
  vienna

BUNDLED WITH
   1.16.1
